PATH
  remote: .
  specs:
    postgres_jsonb_bench (0.0.1)

GEM
  remote: https://rubygems.org/
  specs:
    benchmark-ips (2.3.0)
    pg (0.18.2)
    rake (10.4.2)

PLATFORMS
  ruby

DEPENDENCIES
  benchmark-ips
  bundler (~> 1.6)
  pg
  postgres_jsonb_bench!
  rake
