PATH
  remote: .
  specs:
    postgres_benchmarks (0.0.1)

GEM
  remote: https://rubygems.org/
  specs:
    benchmark-ips (2.3.0)
    faker (1.4.3)
      i18n (~> 0.5)
    i18n (0.7.0)
    pg (0.18.2)
    rake (10.4.2)

PLATFORMS
  ruby

DEPENDENCIES
  benchmark-ips
  bundler (~> 1.6)
  faker
  pg
  postgres_benchmarks!
  rake
