PATH
  remote: .
  specs:
    postgres_benchmarks (0.0.1)

GEM
  remote: https://rubygems.org/
  specs:
    benchmark-ips (2.3.0)
    coderay (1.1.0)
    faker (1.4.3)
      i18n (~> 0.5)
    i18n (0.7.0)
    method_source (0.8.2)
    pg (0.18.2)
    pry (0.10.1)
      coderay (~> 1.1.0)
      method_source (~> 0.8.1)
      slop (~> 3.4)
    rake (10.4.2)
    slop (3.6.0)

PLATFORMS
  ruby

DEPENDENCIES
  benchmark-ips
  bundler (~> 1.6)
  faker
  pg
  postgres_benchmarks!
  pry
  rake

BUNDLED WITH
   1.10.6
